GIT
  remote: git://github.com/bryanlarsen/will_paginate
  revision: 3096f88403096f7207c4c3ede0a8bb7c344bb78a
  specs:
    will_paginate (3.0.3)

GIT
  remote: git://github.com/sporkrb/spork.git
  revision: a07c59d6652d81e8863b7ae5767e943fd272b5da
  specs:
    spork (1.0.0rc3)

GIT
  remote: git://github.com/suyccom/hobo_bootstrap.git
  revision: 74e6c3b5bed01a901566d4a646abe8a17494041e
  specs:
    hobo_bootstrap (2.0.0.pre3)
      compass-rails (~> 1.0.3)
      compass_twitter_bootstrap (~> 2.0.3)
      hobo (~> 2.0.0.pre1)
      hobo_jquery_ui (~> 2.0.0.pre1)
      will_paginate-bootstrap (~> 0.2.1)

GEM
  remote: https://rubygems.org/
  specs:
    actionmailer (3.2.6)
      actionpack (= 3.2.6)
      mail (~> 2.4.4)
    actionpack (3.2.6)
      activemodel (= 3.2.6)
      activesupport (= 3.2.6)
      builder (~> 3.0.0)
      erubis (~> 2.7.0)
      journey (~> 1.0.1)
      rack (~> 1.4.0)
      rack-cache (~> 1.2)
      rack-test (~> 0.6.1)
      sprockets (~> 2.1.3)
    activemodel (3.2.6)
      activesupport (= 3.2.6)
      builder (~> 3.0.0)
    activerecord (3.2.6)
      activemodel (= 3.2.6)
      activesupport (= 3.2.6)
      arel (~> 3.0.2)
      tzinfo (~> 0.3.29)
    activeresource (3.2.6)
      activemodel (= 3.2.6)
      activesupport (= 3.2.6)
    activesupport (3.2.6)
      i18n (~> 0.6)
      multi_json (~> 1.0)
    addressable (2.3.2)
    arel (3.0.2)
    awesome_print (1.0.2)
    boson (1.1.1)
    builder (3.0.3)
    capybara (1.1.2)
      mime-types (>= 1.16)
      nokogiri (>= 1.3.3)
      rack (>= 1.0.0)
      rack-test (>= 0.5.4)
      selenium-webdriver (~> 2.0)
      xpath (~> 0.1.4)
    childprocess (0.3.5)
      ffi (~> 1.0, >= 1.0.6)
    chunky_png (1.2.6)
    clipboard (1.0.1)
    cocaine (0.3.1)
    coderay (1.0.7)
    coffee-rails (3.2.2)
      coffee-script (>= 2.2.0)
      railties (~> 3.2.0)
    coffee-script (2.2.0)
      coffee-script-source
      execjs
    coffee-script-source (1.3.3)
    compass (0.12.2)
      chunky_png (~> 1.2)
      fssm (>= 0.2.7)
      sass (~> 3.1)
    compass-rails (1.0.3)
      compass (>= 0.12.2, < 0.14)
    compass_twitter_bootstrap (2.0.3)
      compass
    diff-lcs (1.1.3)
    dryml (2.0.0.pre2)
      actionpack (~> 3.2.0)
      hobo_support (= 2.0.0.pre2)
    erubis (2.7.0)
    every_day_irb (1.2.2)
    execjs (1.4.0)
      multi_json (~> 1.0)
    factory_girl (4.1.0)
      activesupport (>= 3.0.0)
    factory_girl_rails (4.1.0)
      factory_girl (~> 4.1.0)
      railties (>= 3.0.0)
    fancy_irb (0.7.2)
      paint (>= 0.8.1)
      unicode-display_width (>= 0.1.1)
    ffi (1.1.5-x86-mingw32)
    fssm (0.2.9)
    g (1.7.1)
    hike (1.2.1)
    hirb (0.6.2)
    hobo (2.0.0.pre2)
      dryml (= 2.0.0.pre2)
      hobo_fields (= 2.0.0.pre2)
      hobo_support (= 2.0.0.pre2)
      will_paginate (~> 3.0.0)
    hobo_clean (2.0.0.pre2)
      hobo (= 2.0.0.pre2)
      hobo_jquery_ui (= 2.0.0.pre2)
    hobo_clean_admin (2.0.0.pre2)
      hobo_clean (= 2.0.0.pre2)
    hobo_fields (2.0.0.pre2)
      hobo_support (= 2.0.0.pre2)
    hobo_jquery (2.0.0.pre2)
      hobo_rapid (= 2.0.0.pre2)
      jquery-rails (~> 2.0)
    hobo_jquery_ui (2.0.0.pre2)
      hobo (= 2.0.0.pre2)
      hobo_jquery (= 2.0.0.pre2)
      jquery-ui-themes (~> 0.0.4)
    hobo_rapid (2.0.0.pre2)
      hobo (= 2.0.0.pre2)
    hobo_support (2.0.0.pre2)
      rails (~> 3.2.0)
    httparty (0.9.0)
      multi_json (~> 1.0)
      multi_xml
    i18n (0.6.1)
    interactive_editor (0.0.10)
      spoon (>= 0.0.1)
    irbtools (1.2.2)
      awesome_print (~> 1.0.2)
      boson (~> 1.1.1)
      clipboard (~> 1.0.1)
      coderay (~> 1.0.5)
      every_day_irb (>= 1.2.2)
      fancy_irb (>= 0.7.2)
      g (>= 1.5.0)
      hirb (~> 0.6.1)
      interactive_editor (>= 0.0.10)
      method_locator (>= 0.0.4)
      method_source (>= 0.7.0)
      methodfinder (>= 1.2.5)
      ori (~> 0.1.0)
      paint (>= 0.8.4)
      sketches (>= 0.1.1)
      wirb (>= 0.4.2)
      zucker (>= 12.1)
    journey (1.0.4)
    jquery-rails (2.1.3)
      railties (>= 3.1.0, < 5.0)
      thor (~> 0.14)
    jquery-ui-themes (0.0.7)
      httparty
    json (1.7.5)
    libwebsocket (0.1.5)
      addressable
    mail (2.4.4)
      i18n (>= 0.4.0)
      mime-types (~> 1.16)
      treetop (~> 1.4.8)
    method_locator (0.0.4)
    method_source (0.8)
    methodfinder (1.2.5)
    mime-types (1.19)
    multi_json (1.3.6)
    multi_xml (0.5.1)
    nokogiri (1.5.5-x86-mingw32)
    ori (0.1.0)
    paint (0.8.5)
    paperclip (3.2.0)
      activemodel (>= 3.0.0)
      activerecord (>= 3.0.0)
      activesupport (>= 3.0.0)
      cocaine (>= 0.0.2)
      mime-types
    pg (0.14.1-x86-mingw32)
    polyglot (0.3.3)
    rack (1.4.1)
    rack-cache (1.2)
      rack (>= 0.4)
    rack-ssl (1.3.2)
      rack
    rack-test (0.6.1)
      rack (>= 1.0)
    rails (3.2.6)
      actionmailer (= 3.2.6)
      actionpack (= 3.2.6)
      activerecord (= 3.2.6)
      activeresource (= 3.2.6)
      activesupport (= 3.2.6)
      bundler (~> 1.0)
      railties (= 3.2.6)
    railties (3.2.6)
      actionpack (= 3.2.6)
      activesupport (= 3.2.6)
      rack-ssl (~> 1.3.2)
      rake (>= 0.8.7)
      rdoc (~> 3.4)
      thor (>= 0.14.6, < 2.0)
    rake (0.9.2.2)
    rdoc (3.12)
      json (~> 1.4)
    rspec (2.11.0)
      rspec-core (~> 2.11.0)
      rspec-expectations (~> 2.11.0)
      rspec-mocks (~> 2.11.0)
    rspec-core (2.11.1)
    rspec-expectations (2.11.3)
      diff-lcs (~> 1.1.3)
    rspec-mocks (2.11.3)
    rspec-rails (2.11.0)
      actionpack (>= 3.0)
      activesupport (>= 3.0)
      railties (>= 3.0)
      rspec (~> 2.11.0)
    rubyzip (0.9.9)
    sass (3.2.1)
    sass-rails (3.2.5)
      railties (~> 3.2.0)
      sass (>= 3.1.10)
      tilt (~> 1.3)
    selenium-webdriver (2.25.0)
      childprocess (>= 0.2.5)
      libwebsocket (~> 0.1.3)
      multi_json (~> 1.0)
      rubyzip
    sketches (0.1.1)
    spoon (0.0.1)
    sprockets (2.1.3)
      hike (~> 1.2)
      rack (~> 1.0)
      tilt (~> 1.1, != 1.3.0)
    thor (0.16.0)
    tilt (1.3.3)
    tlsmail (0.0.1)
    treetop (1.4.10)
      polyglot
      polyglot (>= 0.3.1)
    tzinfo (0.3.33)
    uglifier (1.3.0)
      execjs (>= 0.3.0)
      multi_json (~> 1.0, >= 1.0.2)
    unicode-display_width (0.1.1)
    will_paginate-bootstrap (0.2.1)
      will_paginate (>= 3.0.3)
    wirb (0.4.2)
    xpath (0.1.4)
      nokogiri (~> 1.3)
    zucker (12.1)

PLATFORMS
  x86-mingw32

DEPENDENCIES
  capybara (= 1.1.2)
  coffee-rails (~> 3.2.1)
  compass-rails
  compass_twitter_bootstrap
  dryml
  factory_girl_rails
  hobo
  hobo_bootstrap!
  hobo_clean
  hobo_clean_admin
  hobo_fields
  hobo_jquery
  hobo_jquery_ui
  hobo_rapid
  hobo_support
  irbtools
  jquery-rails
  jquery-ui-themes (~> 0.0.4)
  paperclip
  pg
  rails (= 3.2.6)
  rspec-rails (>= 2.5.0)
  sass-rails (~> 3.2.3)
  spork!
  sprockets
  therubyracer
  tlsmail
  uglifier (>= 1.0.3)
  will_paginate!
  will_paginate-bootstrap
